GEM
  specs:
    multi (0.1)

PLATFORMS
  ruby

DEPENDENCIES
  multi
